GEM
  remote: https://rubygems.org/
  specs:
    addressable (2.3.8)
    daemons (1.2.3)
    ethon (0.8.0)
      ffi (>= 1.3.0)
    eventmachine (1.0.8)
    faraday (0.9.2)
      multipart-post (>= 1.2, < 3)
    ffi (1.9.10)
    json (1.8.3)
    multipart-post (2.0.0)
    octokit (4.2.0)
      sawyer (~> 0.6.0, >= 0.5.3)
    rack (1.6.4)
    rack-protection (1.5.3)
      rack
    sawyer (0.6.0)
      addressable (~> 2.3.5)
      faraday (~> 0.8, < 0.10)
    sinatra (1.4.6)
      rack (~> 1.4)
      rack-protection (~> 1.4)
      tilt (>= 1.3, < 3)
    thin (1.6.3)
      daemons (~> 1.0, >= 1.0.9)
      eventmachine (~> 1.0)
      rack (~> 1.0)
    tilt (2.0.1)
    typhoeus (0.8.0)
      ethon (>= 0.8.0)

PLATFORMS
  ruby

DEPENDENCIES
  json
  octokit
  rack
  sinatra
  thin
  typhoeus

BUNDLED WITH
   1.10.6
