GEM
  remote: https://rubygems.org/
  specs:
    addressable (2.4.0)
    faraday (0.9.2)
      multipart-post (>= 1.2, < 3)
    json (1.8.3)
    kgio (2.10.0)
    multipart-post (2.0.0)
    octokit (4.3.0)
      sawyer (~> 0.7.0, >= 0.5.3)
    rack (1.6.4)
    rack-protection (1.5.3)
      rack
    raindrops (0.16.0)
    sawyer (0.7.0)
      addressable (>= 2.3.5, < 2.5)
      faraday (~> 0.8, < 0.10)
    semantic_range (1.0.0)
    sinatra (1.4.7)
      rack (~> 1.5)
      rack-protection (~> 1.4)
      tilt (>= 1.3, < 3)
    tilt (2.0.3)
    unicorn (5.1.0)
      kgio (~> 2.6)
      raindrops (~> 0.7)

PLATFORMS
  ruby

DEPENDENCIES
  json
  octokit
  rack
  semantic_range
  sinatra
  unicorn

RUBY VERSION
   ruby 2.3.1p112

BUNDLED WITH
   1.12.2
